GEM
  remote: https://rubygems.org/
  specs:
    dotenv (3.1.0)
    nio4r (2.7.0)
    puma (6.4.2)
      nio4r (~> 2.0)
    rack (2.2.8.1)
    sinatra (1.0)
      rack (>= 1.0)

PLATFORMS
  arm64-darwin-21

DEPENDENCIES
  dotenv
  puma (~> 6.0)
  rack (~> 2.0)
  sinatra

BUNDLED WITH
   2.4.14
